GIT
  remote: https://github.com/secureCodeBox/ruby-scanner-scaffolding.git
  revision: bbf6318b1f004315ff2cc2cf92ec18225b4df4d6
  tag: v1.1.2
  specs:
    ruby-scanner-scaffolding (1.0.0)

GEM
  remote: https://rubygems.org/
  specs:
    bindata (2.4.3)
    daemons (1.3.1)
    domain_name (0.5.20190701)
      unf (>= 0.0.5, < 1.0.0)
    eventmachine (1.2.7)
    eventmachine (1.2.7-x64-mingw32)
    ffi (1.12.1-x64-mingw32)
    http-accept (1.7.0)
    http-cookie (1.0.3)
      domain_name (~> 0.5)
    mime-types (3.3.1)
      mime-types-data (~> 3.2015)
    mime-types-data (3.2019.1009)
    mustermann (1.1.1)
      ruby2_keywords (~> 0.0.1)
    net-ssh (5.0.2)
    netaddr (1.5.1)
    netrc (0.11.0)
    rack (2.1.2)
    rack-protection (2.0.8.1)
      rack
    rest-client (2.1.0)
      http-accept (>= 1.7.0, < 2.0)
      http-cookie (>= 1.0.2, < 2.0)
      mime-types (>= 1.16, < 4.0)
      netrc (~> 0.8)
    rest-client (2.1.0-x64-mingw32)
      ffi (~> 1.9)
      http-accept (>= 1.7.0, < 2.0)
      http-cookie (>= 1.0.2, < 2.0)
      mime-types (>= 1.16, < 4.0)
      netrc (~> 0.8)
    ruby2_keywords (0.0.2)
    sinatra (2.0.8.1)
      mustermann (~> 1.0)
      rack (~> 2.0)
      rack-protection (= 2.0.8.1)
      tilt (~> 2.0)
    ssh_scan (0.0.42)
      bindata (= 2.4.3)
      net-ssh (= 5.0.2)
      netaddr (= 1.5.1)
      sshkey
    sshkey (2.0.0)
    thin (1.7.2)
      daemons (~> 1.0, >= 1.0.9)
      eventmachine (~> 1.0, >= 1.0.4)
      rack (>= 1, < 3)
    tilt (2.0.10)
    unf (0.1.4)
      unf_ext
    unf_ext (0.0.7.6)

PLATFORMS
  ruby
  x64-mingw32

DEPENDENCIES
  rest-client (= 2.1.0)
  ruby-scanner-scaffolding!
  sinatra (= 2.0.8.1)
  ssh_scan (= 0.0.42)
  thin

BUNDLED WITH
   2.1.4
